GEM
  remote: http://rubygems.org/
  specs:
    akami (1.2.0)
      gyoku (>= 0.4.0)
      nokogiri (>= 1.4.0)
    builder (3.1.4)
    gyoku (1.0.0)
      builder (>= 2.1.2)
    httpi (2.0.2)
      rack
    json (1.7.6)
    mime-types (1.20.1)
    nokogiri (1.5.6)
    nori (2.0.3)
    rack (1.5.1)
    rest-client (1.6.7)
      mime-types (>= 1.16)
    savon (2.0.3)
      akami (~> 1.2.0)
      builder (>= 2.1.2)
      gyoku (~> 1.0.0)
      httpi (~> 2.0.0)
      nokogiri (>= 1.4.0)
      nori (~> 2.0.3)
      wasabi (~> 3.0.0)
    sonos (0.3.0)
      nokogiri
      savon (~> 2.0.2)
      thor
    thor (0.17.0)
    wasabi (3.0.0)
      httpi (~> 2.0)
      nokogiri (>= 1.4.0)

PLATFORMS
  ruby

DEPENDENCIES
  json
  rest-client
  sonos
